GEM
  remote: https://rubygems.org/
  specs:
    bio (2.0.5)
    parallel (1.23.0)
    securerandom (0.3.0)
    systemu (2.6.5)

PLATFORMS
  ruby

DEPENDENCIES
  bio
  parallel
  securerandom
  systemu

BUNDLED WITH
   2.1.4
